GEM
  remote: https://rubygems.org/
  specs:
    pdf-core (0.1.6)
    prawn (0.15.0)
      pdf-core (~> 0.1.3)
      ttfunk (~> 1.1.0)
    ttfunk (1.1.1)

PLATFORMS
  ruby

DEPENDENCIES
  prawn (~> 0.12)

BUNDLED WITH
   1.16.1
